GEM
  remote: https://rubygems.org/
  specs:
    date (3.4.1)
    debug (1.10.0)
      irb (~> 1.10)
      reline (>= 0.3.8)
    io-console (0.8.0)
    irb (1.15.1)
      pp (>= 0.6.0)
      rdoc (>= 4.0.0)
      reline (>= 0.4.2)
    nio4r (2.7.4)
    pp (0.6.2)
      prettyprint
    prettyprint (0.2.0)
    psych (5.2.3)
      date
      stringio
    puma (6.4.2)
      nio4r (~> 2.0)
    rack (3.1.10)
    rdoc (6.12.0)
      psych (>= 4.0.0)
    reline (0.6.0)
      io-console (~> 0.5)
    stringio (3.1.5)

PLATFORMS
  arm64-darwin-24
  ruby

DEPENDENCIES
  debug
  puma (= 6.4.2)
  rack

RUBY VERSION
   ruby 3.3.0p0

BUNDLED WITH
   2.5.4
